PATH
  remote: .
  specs:
    jobrnr (1.1.0)

GEM
  remote: https://rubygems.org/
  specs:
    asciidoctor (2.0.15)
    ast (2.4.2)
    concurrent-ruby (1.1.8)
    docile (1.3.5)
    minitest (5.14.4)
    parallel (1.20.1)
    parser (3.0.1.1)
      ast (~> 2.4.1)
    pastel (0.8.0)
      tty-color (~> 0.5)
    rainbow (3.0.0)
    rake (13.0.3)
    regexp_parser (2.1.1)
    rexml (3.2.5)
    rubocop (1.13.0)
      parallel (~> 1.10)
      parser (>= 3.0.0.0)
      rainbow (>= 2.2.2, < 4.0)
      regexp_parser (>= 1.8, < 3.0)
      rexml
      rubocop-ast (>= 1.2.0, < 2.0)
      ruby-progressbar (~> 1.7)
      unicode-display_width (>= 1.4.0, < 3.0)
    rubocop-ast (1.5.0)
      parser (>= 3.0.1.1)
    ruby-progressbar (1.11.0)
    tty-color (0.6.0)
    unicode-display_width (2.0.0)

PLATFORMS
  ruby

DEPENDENCIES
  asciidoctor
  concurrent-ruby
  docile
  jobrnr!
  minitest
  pastel
  rake
  rubocop

BUNDLED WITH
   2.2.5
