GEM
  remote: https://rubygems.org/
  specs:
    ast (2.3.0)
    concurrent-ruby (1.0.0)
    docile (1.1.5)
    equatable (0.5.0)
    hpricot (0.8.6)
    minitest (5.8.3)
    mustache (1.0.2)
    parser (2.3.2.0)
      ast (~> 2.2)
    pastel (0.5.2)
      equatable (~> 0.5)
      tty-screen (~> 0.4)
    powerpack (0.1.1)
    rainbow (2.1.0)
    rake (10.4.2)
    rdiscount (2.1.8)
    ronn (0.7.3)
      hpricot (>= 0.8.2)
      mustache (>= 0.7.0)
      rdiscount (>= 1.5.8)
    rubocop (0.45.0)
      parser (>= 2.3.1.1, < 3.0)
      powerpack (~> 0.1)
      rainbow (>= 1.99.1, < 3.0)
      ruby-progressbar (~> 1.7)
      unicode-display_width (~> 1.0, >= 1.0.1)
    ruby-progressbar (1.8.1)
    tty-screen (0.4.3)
    unicode-display_width (1.1.1)

PLATFORMS
  ruby

DEPENDENCIES
  concurrent-ruby
  docile
  minitest
  pastel
  rake
  ronn
  rubocop

BUNDLED WITH
   1.13.6
