GEM
  remote: https://rubygems.org/
  specs:
    ast (2.4.0)
    concurrent-ruby (1.0.5)
    docile (1.3.1)
    equatable (0.5.0)
    hpricot (0.8.6)
    jaro_winkler (1.5.1)
    minitest (5.11.3)
    mustache (1.0.5)
    parallel (1.12.1)
    parser (2.5.1.2)
      ast (~> 2.4.0)
    pastel (0.7.2)
      equatable (~> 0.5.0)
      tty-color (~> 0.4.0)
    powerpack (0.1.2)
    rainbow (3.0.0)
    rake (12.3.1)
    rdiscount (2.2.0.1)
    ronn (0.7.3)
      hpricot (>= 0.8.2)
      mustache (>= 0.7.0)
      rdiscount (>= 1.5.8)
    rubocop (0.58.2)
      jaro_winkler (~> 1.5.1)
      parallel (~> 1.10)
      parser (>= 2.5, != 2.5.1.1)
      powerpack (~> 0.1)
      rainbow (>= 2.2.2, < 4.0)
      ruby-progressbar (~> 1.7)
      unicode-display_width (~> 1.0, >= 1.0.1)
    ruby-progressbar (1.10.0)
    tty-color (0.4.3)
    unicode-display_width (1.4.0)

PLATFORMS
  ruby

DEPENDENCIES
  concurrent-ruby
  docile
  minitest
  pastel
  rake
  ronn
  rubocop

BUNDLED WITH
   1.16.1
