GEM
  remote: https://rubygems.org/
  specs:
    concurrent-ruby (1.0.0)
    docile (1.1.5)
    equatable (0.5.0)
    hpricot (0.8.6)
    minitest (5.8.3)
    mustache (1.0.2)
    pastel (0.5.2)
      equatable (~> 0.5)
      tty-screen (~> 0.4)
    rake (10.4.2)
    rdiscount (2.1.8)
    ronn (0.7.3)
      hpricot (>= 0.8.2)
      mustache (>= 0.7.0)
      rdiscount (>= 1.5.8)
    tty-screen (0.4.3)

PLATFORMS
  ruby

DEPENDENCIES
  concurrent-ruby
  docile
  minitest
  pastel
  rake
  ronn

BUNDLED WITH
   1.11.2
